GEM
  remote: https://rubygems.org/
  specs:
    colored (1.2)
    mina (1.0.0)
      open4 (~> 1.3.4)
      rake
    open4 (1.3.4)
    rake (11.3.0)
    rake-notes (0.2.0)
      colored
      rake

PLATFORMS
  ruby

DEPENDENCIES
  mina
  rake-notes

RUBY VERSION
   ruby 2.3.1p112

BUNDLED WITH
   1.13.1
